GEM
  remote: https://rubygems.org/
  specs:
    actioncable (6.1.7.3)
      actionpack (= 6.1.7.3)
      activesupport (= 6.1.7.3)
      nio4r (~> 2.0)
      websocket-driver (>= 0.6.1)
    actionmailbox (6.1.7.3)
      actionpack (= 6.1.7.3)
      activejob (= 6.1.7.3)
      activerecord (= 6.1.7.3)
      activestorage (= 6.1.7.3)
      activesupport (= 6.1.7.3)
      mail (>= 2.7.1)
    actionmailer (6.1.7.3)
      actionpack (= 6.1.7.3)
      actionview (= 6.1.7.3)
      activejob (= 6.1.7.3)
      activesupport (= 6.1.7.3)
      mail (~> 2.5, >= 2.5.4)
      rails-dom-testing (~> 2.0)
    actionpack (6.1.7.3)
      actionview (= 6.1.7.3)
      activesupport (= 6.1.7.3)
      rack (~> 2.0, >= 2.0.9)
      rack-test (>= 0.6.3)
      rails-dom-testing (~> 2.0)
      rails-html-sanitizer (~> 1.0, >= 1.2.0)
    actiontext (6.1.7.3)
      actionpack (= 6.1.7.3)
      activerecord (= 6.1.7.3)
      activestorage (= 6.1.7.3)
      activesupport (= 6.1.7.3)
      nokogiri (>= 1.8.5)
    actionview (6.1.7.3)
      activesupport (= 6.1.7.3)
      builder (~> 3.1)
      erubi (~> 1.4)
      rails-dom-testing (~> 2.0)
      rails-html-sanitizer (~> 1.1, >= 1.2.0)
    active_model_serializers (0.10.13)
      actionpack (>= 4.1, < 7.1)
      activemodel (>= 4.1, < 7.1)
      case_transform (>= 0.2)
      jsonapi-renderer (>= 0.1.1.beta1, < 0.3)
    activejob (6.1.7.3)
      activesupport (= 6.1.7.3)
      globalid (>= 0.3.6)
    activemodel (6.1.7.3)
      activesupport (= 6.1.7.3)
    activerecord (6.1.7.3)
      activemodel (= 6.1.7.3)
      activesupport (= 6.1.7.3)
    activestorage (6.1.7.3)
      actionpack (= 6.1.7.3)
      activejob (= 6.1.7.3)
      activerecord (= 6.1.7.3)
      activesupport (= 6.1.7.3)
      marcel (~> 1.0)
      mini_mime (>= 1.1.0)
    activesupport (6.1.7.3)
      concurrent-ruby (~> 1.0, >= 1.0.2)
      i18n (>= 1.6, < 2)
      minitest (>= 5.1)
      tzinfo (~> 2.0)
      zeitwerk (~> 2.3)
    addressable (2.8.0)
      public_suffix (>= 2.0.2, < 5.0)
    bcrypt (3.1.16)
    bootsnap (1.8.1)
      msgpack (~> 1.0)
    builder (3.2.4)
    bullet (6.1.2)
      activesupport (>= 3.0.0)
      uniform_notifier (~> 1.11)
    byebug (11.1.3)
    case_transform (0.2)
      activesupport
    climate_control (0.2.0)
    concurrent-ruby (1.2.2)
    counter_culture (3.3.0)
      activerecord (>= 4.2)
      activesupport (>= 4.2)
    crass (1.0.6)
    date (3.3.3)
    devise (4.8.0)
      bcrypt (~> 3.0)
      orm_adapter (~> 0.1)
      railties (>= 4.1.0)
      responders
      warden (~> 1.2.3)
    erubi (1.12.0)
    faker (2.19.0)
      i18n (>= 1.6, < 2)
    faraday (1.7.1)
      faraday-em_http (~> 1.0)
      faraday-em_synchrony (~> 1.0)
      faraday-excon (~> 1.1)
      faraday-httpclient (~> 1.0.1)
      faraday-net_http (~> 1.0)
      faraday-net_http_persistent (~> 1.1)
      faraday-patron (~> 1.0)
      faraday-rack (~> 1.0)
      multipart-post (>= 1.2, < 3)
      ruby2_keywords (>= 0.0.4)
    faraday-em_http (1.0.0)
    faraday-em_synchrony (1.0.0)
    faraday-excon (1.1.0)
    faraday-httpclient (1.0.1)
    faraday-net_http (1.0.1)
    faraday-net_http_persistent (1.2.0)
    faraday-patron (1.0.0)
    faraday-rack (1.0.0)
    ffi (1.15.3)
    globalid (1.1.0)
      activesupport (>= 5.0)
    i18n (1.14.1)
      concurrent-ruby (~> 1.0)
    json (2.5.1)
    jsonapi-renderer (0.2.2)
    koala (3.0.0)
      addressable
      faraday
      json (>= 1.8)
    listen (3.7.0)
      rb-fsevent (~> 0.10, >= 0.10.3)
      rb-inotify (~> 0.9, >= 0.9.10)
    loofah (2.21.3)
      crass (~> 1.0.2)
      nokogiri (>= 1.12.0)
    mail (2.8.1)
      mini_mime (>= 0.1.1)
      net-imap
      net-pop
      net-smtp
    marcel (1.0.2)
    method_source (1.0.0)
    mime-types (3.3.1)
      mime-types-data (~> 3.2015)
    mime-types-data (3.2021.0704)
    mimemagic (0.3.10)
      nokogiri (~> 1)
      rake
    mini_mime (1.1.2)
    mini_portile2 (2.8.2)
    minitest (5.18.1)
    msgpack (1.4.2)
    multipart-post (2.1.1)
    net-imap (0.3.6)
      date
      net-protocol
    net-pop (0.1.2)
      net-protocol
    net-protocol (0.2.1)
      timeout
    net-smtp (0.3.3)
      net-protocol
    nio4r (2.5.9)
    nokogiri (1.13.10-x86_64-linux)
      racc (~> 1.4)
    orm_adapter (0.5.0)
    paperclip (6.0.0)
      activemodel (>= 4.2.0)
      activesupport (>= 4.2.0)
      mime-types
      mimemagic (~> 0.3.0)
      terrapin (~> 0.6.0)
    public_suffix (4.0.6)
    puma (6.3.0)
      nio4r (~> 2.0)
    racc (1.7.1)
    rack (2.2.7)
    rack-cors (1.1.1)
      rack (>= 2.0.0)
    rack-test (2.1.0)
      rack (>= 1.3)
    rails (6.1.7.3)
      actioncable (= 6.1.7.3)
      actionmailbox (= 6.1.7.3)
      actionmailer (= 6.1.7.3)
      actionpack (= 6.1.7.3)
      actiontext (= 6.1.7.3)
      actionview (= 6.1.7.3)
      activejob (= 6.1.7.3)
      activemodel (= 6.1.7.3)
      activerecord (= 6.1.7.3)
      activestorage (= 6.1.7.3)
      activesupport (= 6.1.7.3)
      bundler (>= 1.15.0)
      railties (= 6.1.7.3)
      sprockets-rails (>= 2.0.0)
    rails-dom-testing (2.0.3)
      activesupport (>= 4.2.0)
      nokogiri (>= 1.6)
    rails-html-sanitizer (1.5.0)
      loofah (~> 2.19, >= 2.19.1)
    railties (6.1.7.3)
      actionpack (= 6.1.7.3)
      activesupport (= 6.1.7.3)
      method_source
      rake (>= 12.2)
      thor (~> 1.0)
    rake (13.0.6)
    rb-fsevent (0.11.0)
    rb-inotify (0.10.1)
      ffi (~> 1.0)
    responders (3.0.1)
      actionpack (>= 5.0)
      railties (>= 5.0)
    ruby2_keywords (0.0.5)
    simple_token_authentication (1.17.0)
      actionmailer (>= 3.2.6, < 7)
      actionpack (>= 3.2.6, < 7)
      devise (>= 3.2, < 6)
    spring (2.1.1)
    sprockets (4.2.0)
      concurrent-ruby (~> 1.0)
      rack (>= 2.2.4, < 4)
    sprockets-rails (3.4.2)
      actionpack (>= 5.2)
      activesupport (>= 5.2)
      sprockets (>= 3.0.0)
    sqlite3 (1.6.3)
      mini_portile2 (~> 2.8.0)
    terrapin (0.6.0)
      climate_control (>= 0.0.3, < 1.0)
    thor (1.2.2)
    timeout (0.3.2)
    tzinfo (2.0.6)
      concurrent-ruby (~> 1.0)
    uniform_notifier (1.13.0)
    warden (1.2.9)
      rack (>= 2.0.9)
    websocket-driver (0.7.5)
      websocket-extensions (>= 0.1.0)
    websocket-extensions (0.1.5)
    zeitwerk (2.6.8)

PLATFORMS
  x86_64-linux

DEPENDENCIES
  active_model_serializers
  bootsnap (>= 1.4.4)
  bullet
  byebug
  counter_culture
  devise
  faker
  koala
  listen (~> 3.3)
  paperclip (~> 6.0.0)
  puma (~> 6.3)
  rack-cors
  rails (~> 6.1.7)
  simple_token_authentication (~> 1.0)
  spring
  sqlite3 (~> 1.6)
  tzinfo-data

RUBY VERSION
   ruby 2.6.6p146

BUNDLED WITH
   2.2.25
